GEM
  remote: http://rubygems.org/
  specs:
    cmdparse (2.0.5)
    coffee-script (2.2.0)
      coffee-script-source
      execjs
    coffee-script-source (1.3.3)
    execjs (1.4.0)
      multi_json (~> 1.0)
    ffi (1.0.11)
    guard (1.1.1)
      listen (>= 0.4.2)
      thor (>= 0.14.6)
    guard-coffeescript (1.0.0)
      coffee-script (>= 2.2.0)
      guard (>= 1.1.0)
    guard-process (1.0.3)
      ffi (~> 1.0.9)
      guard (>= 0.4.2)
      spoon (~> 0.0.1)
    guard-sass (0.7.1)
      guard (>= 1.1.0)
      sass (>= 3.1)
    juicer (1.0.16)
      cmdparse
      nokogiri (>= 1.5.0)
      rubyzip
    listen (0.4.5)
      rb-fchange (~> 0.0.5)
      rb-fsevent (~> 0.9.1)
      rb-inotify (~> 0.8.8)
    multi_json (1.3.6)
    nokogiri (1.5.4)
    rb-fchange (0.0.5)
      ffi
    rb-fsevent (0.9.1)
    rb-inotify (0.8.8)
      ffi (>= 0.5.0)
    rubyzip (0.9.8)
    sass (3.1.19)
    spoon (0.0.1)
    thor (0.15.2)

PLATFORMS
  ruby

DEPENDENCIES
  guard-coffeescript
  guard-process
  guard-sass
  juicer
